GEM
  remote: https://rubygems.org/
  specs:
    actioncable (7.1.2)
      actionpack (= 7.1.2)
      activesupport (= 7.1.2)
      nio4r (~> 2.0)
      websocket-driver (>= 0.6.1)
      zeitwerk (~> 2.6)
    actionmailbox (7.1.2)
      actionpack (= 7.1.2)
      activejob (= 7.1.2)
      activerecord (= 7.1.2)
      activestorage (= 7.1.2)
      activesupport (= 7.1.2)
      mail (>= 2.7.1)
      net-imap
      net-pop
      net-smtp
    actionmailer (7.1.2)
      actionpack (= 7.1.2)
      actionview (= 7.1.2)
      activejob (= 7.1.2)
      activesupport (= 7.1.2)
      mail (~> 2.5, >= 2.5.4)
      net-imap
      net-pop
      net-smtp
      rails-dom-testing (~> 2.2)
    actionpack (7.1.2)
      actionview (= 7.1.2)
      activesupport (= 7.1.2)
      nokogiri (>= 1.8.5)
      racc
      rack (>= 2.2.4)
      rack-session (>= 1.0.1)
      rack-test (>= 0.6.3)
      rails-dom-testing (~> 2.2)
      rails-html-sanitizer (~> 1.6)
    actiontext (7.1.2)
      actionpack (= 7.1.2)
      activerecord (= 7.1.2)
      activestorage (= 7.1.2)
      activesupport (= 7.1.2)
      globalid (>= 0.6.0)
      nokogiri (>= 1.8.5)
    actionview (7.1.2)
      activesupport (= 7.1.2)
      builder (~> 3.1)
      erubi (~> 1.11)
      rails-dom-testing (~> 2.2)
      rails-html-sanitizer (~> 1.6)
    active_model_serializers (0.10.14)
      actionpack (>= 4.1)
      activemodel (>= 4.1)
      case_transform (>= 0.2)
      jsonapi-renderer (>= 0.1.1.beta1, < 0.3)
    activejob (7.1.2)
      activesupport (= 7.1.2)
      globalid (>= 0.3.6)
    activemodel (7.1.2)
      activesupport (= 7.1.2)
    activerecord (7.1.2)
      activemodel (= 7.1.2)
      activesupport (= 7.1.2)
      timeout (>= 0.4.0)
    activestorage (7.1.2)
      actionpack (= 7.1.2)
      activejob (= 7.1.2)
      activerecord (= 7.1.2)
      activesupport (= 7.1.2)
      marcel (~> 1.0)
    activesupport (7.1.2)
      base64
      bigdecimal
      concurrent-ruby (~> 1.0, >= 1.0.2)
      connection_pool (>= 2.2.5)
      drb
      i18n (>= 1.6, < 2)
      minitest (>= 5.1)
      mutex_m
      tzinfo (~> 2.0)
    addressable (2.8.7)
      public_suffix (>= 2.0.2, < 7.0)
    ast (2.4.2)
    aws-eventstream (1.3.0)
    aws-partitions (1.994.0)
    aws-sdk-core (3.211.0)
      aws-eventstream (~> 1, >= 1.3.0)
      aws-partitions (~> 1, >= 1.992.0)
      aws-sigv4 (~> 1.9)
      jmespath (~> 1, >= 1.6.1)
    aws-sdk-kms (1.95.0)
      aws-sdk-core (~> 3, >= 3.210.0)
      aws-sigv4 (~> 1.5)
    aws-sdk-s3 (1.169.0)
      aws-sdk-core (~> 3, >= 3.210.0)
      aws-sdk-kms (~> 1)
      aws-sigv4 (~> 1.5)
    aws-sigv4 (1.10.1)
      aws-eventstream (~> 1, >= 1.0.2)
    base64 (0.2.0)
    bcrypt (3.1.20)
    bigdecimal (3.1.8)
    bindex (0.8.1)
    bootsnap (1.18.4)
      msgpack (~> 1.2)
    builder (3.3.0)
    byebug (11.1.3)
    capybara (3.40.0)
      addressable
      matrix
      mini_mime (>= 0.1.3)
      nokogiri (~> 1.11)
      rack (>= 1.6.0)
      rack-test (>= 0.6.3)
      regexp_parser (>= 1.5, < 3.0)
      xpath (~> 3.2)
    case_transform (0.2)
      activesupport
    chunky_png (1.4.0)
    coderay (1.1.3)
    concurrent-ruby (1.3.4)
    connection_pool (2.4.1)
    crass (1.0.6)
    cssbundling-rails (1.4.1)
      railties (>= 6.0.0)
    daemons (1.4.1)
    date (3.3.4)
    debug (1.9.2)
      irb (~> 1.10)
      reline (>= 0.3.8)
    devise (4.9.4)
      bcrypt (~> 3.0)
      orm_adapter (~> 0.1)
      railties (>= 4.1.0)
      responders
      warden (~> 1.2.3)
    diff-lcs (1.6.0)
    dotenv (2.8.1)
    dotenv-rails (2.8.1)
      dotenv (= 2.8.1)
      railties (>= 3.2)
    drb (2.2.1)
    elastic-transport (8.3.5)
      faraday (< 3)
      multi_json
    elasticsearch (8.15.0)
      elastic-transport (~> 8.3)
      elasticsearch-api (= 8.15.0)
    elasticsearch-api (8.15.0)
      multi_json
    em-websocket (0.5.3)
      eventmachine (>= 0.12.9)
      http_parser.rb (~> 0)
    error_highlight (0.7.0)
    erubi (1.13.0)
    esbuild-rails (0.1.4)
      rails (>= 6.0.0)
    et-orbi (1.2.11)
      tzinfo
    eventmachine (1.2.7)
    factory_bot (6.5.1)
      activesupport (>= 6.1.0)
    factory_bot_rails (6.4.4)
      factory_bot (~> 6.5)
      railties (>= 5.0.0)
    faker (3.5.1)
      i18n (>= 1.8.11, < 2)
    faraday (2.12.0)
      faraday-net_http (>= 2.0, < 3.4)
      json
      logger
    faraday-net_http (3.3.0)
      net-http
    ffi (1.17.0)
    ffi (1.17.0-arm64-darwin)
    ffi (1.17.0-x86_64-darwin)
    formatador (1.1.0)
    fugit (1.11.1)
      et-orbi (~> 1, >= 1.2.11)
      raabro (~> 1.4)
    globalid (1.2.1)
      activesupport (>= 6.1)
    guard (2.18.1)
      formatador (>= 0.2.4)
      listen (>= 2.7, < 4.0)
      lumberjack (>= 1.0.12, < 2.0)
      nenv (~> 0.1)
      notiffany (~> 0.0)
      pry (>= 0.13.0)
      shellany (~> 0.0)
      thor (>= 0.18.1)
    guard-compat (1.2.1)
    guard-livereload (2.5.2)
      em-websocket (~> 0.5)
      guard (~> 2.8)
      guard-compat (~> 1.0)
      multi_json (~> 1.8)
    hashie (5.0.0)
    hoe (4.2.2)
      rake (>= 0.8, < 15.0)
    http_parser.rb (0.8.0)
    i18n (1.14.6)
      concurrent-ruby (~> 1.0)
    image_processing (1.13.0)
      mini_magick (>= 4.9.5, < 5)
      ruby-vips (>= 2.0.17, < 3)
    io-console (0.7.2)
    irb (1.14.1)
      rdoc (>= 4.0.0)
      reline (>= 0.4.2)
    jbuilder (2.13.0)
      actionview (>= 5.0.0)
      activesupport (>= 5.0.0)
    jmespath (1.6.2)
    jsbundling-rails (1.3.1)
      railties (>= 6.0.0)
    json (2.7.2)
    jsonapi-renderer (0.2.2)
    jwt (2.9.3)
      base64
    language_server-protocol (3.17.0.3)
    listen (3.9.0)
      rb-fsevent (~> 0.10, >= 0.10.3)
      rb-inotify (~> 0.9, >= 0.9.10)
    logger (1.6.1)
    loofah (2.22.0)
      crass (~> 1.0.2)
      nokogiri (>= 1.12.0)
    lumberjack (1.2.10)
    mail (2.8.1)
      mini_mime (>= 0.1.1)
      net-imap
      net-pop
      net-smtp
    mailtrap (0.1.0)
      daemons (>= 1.0.8)
      hoe (>= 1.3.0)
      trollop (>= 1.7)
    marcel (1.0.4)
    matrix (0.4.2)
    method_source (1.1.0)
    mini_magick (4.13.2)
    mini_mime (1.1.5)
    minitest (5.25.1)
    msgpack (1.7.3)
    multi_json (1.15.0)
    mutex_m (0.2.0)
    nenv (0.3.0)
    net-http (0.4.1)
      uri
    net-imap (0.5.0)
      date
      net-protocol
    net-pop (0.1.2)
      net-protocol
    net-protocol (0.2.2)
      timeout
    net-smtp (0.5.0)
      net-protocol
    nio4r (2.7.3)
    nokogiri (1.16.7-arm64-darwin)
      racc (~> 1.4)
    nokogiri (1.16.7-x86_64-darwin)
      racc (~> 1.4)
    nokogiri (1.16.7-x86_64-linux)
      racc (~> 1.4)
    notiffany (0.1.3)
      nenv (~> 0.1)
      shellany (~> 0.0)
    orm_adapter (0.5.0)
    parallel (1.26.3)
    parser (3.3.5.0)
      ast (~> 2.4.1)
      racc
    pg (1.5.8)
    pry (0.14.2)
      coderay (~> 1.1)
      method_source (~> 1.0)
    psych (5.1.2)
      stringio
    public_suffix (6.0.1)
    puma (6.4.3)
      nio4r (~> 2.0)
    raabro (1.4.0)
    racc (1.8.1)
    rack (2.2.10)
    rack-cors (2.0.2)
      rack (>= 2.0.0)
    rack-session (1.0.2)
      rack (< 3)
    rack-test (2.1.0)
      rack (>= 1.3)
    rackup (1.0.1)
      rack (< 3)
      webrick
    rails (7.1.2)
      actioncable (= 7.1.2)
      actionmailbox (= 7.1.2)
      actionmailer (= 7.1.2)
      actionpack (= 7.1.2)
      actiontext (= 7.1.2)
      actionview (= 7.1.2)
      activejob (= 7.1.2)
      activemodel (= 7.1.2)
      activerecord (= 7.1.2)
      activestorage (= 7.1.2)
      activesupport (= 7.1.2)
      bundler (>= 1.15.0)
      railties (= 7.1.2)
    rails-dom-testing (2.2.0)
      activesupport (>= 5.0.0)
      minitest
      nokogiri (>= 1.6)
    rails-html-sanitizer (1.6.0)
      loofah (~> 2.21)
      nokogiri (~> 1.14)
    railties (7.1.2)
      actionpack (= 7.1.2)
      activesupport (= 7.1.2)
      irb
      rackup (>= 1.0.0)
      rake (>= 12.2)
      thor (~> 1.0, >= 1.2.2)
      zeitwerk (~> 2.6)
    rainbow (3.1.1)
    rake (13.2.1)
    rb-fsevent (0.11.2)
    rb-inotify (0.11.1)
      ffi (~> 1.0)
    rdoc (6.7.0)
      psych (>= 4.0.0)
    recurrence (1.3.0)
      activesupport
      i18n
    redis (5.3.0)
      redis-client (>= 0.22.0)
    redis-client (0.22.2)
      connection_pool
    regexp_parser (2.9.2)
    reline (0.5.10)
      io-console (~> 0.5)
    responders (3.1.1)
      actionpack (>= 5.2)
      railties (>= 5.2)
    rexml (3.3.8)
    rqrcode (2.2.0)
      chunky_png (~> 1.0)
      rqrcode_core (~> 1.0)
    rqrcode_core (1.2.0)
    rspec-core (3.13.3)
      rspec-support (~> 3.13.0)
    rspec-expectations (3.13.3)
      diff-lcs (>= 1.2.0, < 2.0)
      rspec-support (~> 3.13.0)
    rspec-mocks (3.13.2)
      diff-lcs (>= 1.2.0, < 2.0)
      rspec-support (~> 3.13.0)
    rspec-rails (7.1.1)
      actionpack (>= 7.0)
      activesupport (>= 7.0)
      railties (>= 7.0)
      rspec-core (~> 3.13)
      rspec-expectations (~> 3.13)
      rspec-mocks (~> 3.13)
      rspec-support (~> 3.13)
    rspec-support (3.13.2)
    rubocop (1.67.0)
      json (~> 2.3)
      language_server-protocol (>= 3.17.0)
      parallel (~> 1.10)
      parser (>= 3.3.0.2)
      rainbow (>= 2.2.2, < 4.0)
      regexp_parser (>= 2.4, < 3.0)
      rubocop-ast (>= 1.32.2, < 2.0)
      ruby-progressbar (~> 1.7)
      unicode-display_width (>= 2.4.0, < 3.0)
    rubocop-ast (1.32.3)
      parser (>= 3.3.1.0)
    rubocop-performance (1.22.1)
      rubocop (>= 1.48.1, < 2.0)
      rubocop-ast (>= 1.31.1, < 2.0)
    rubocop-rails (2.26.2)
      activesupport (>= 4.2.0)
      rack (>= 1.1)
      rubocop (>= 1.52.0, < 2.0)
      rubocop-ast (>= 1.31.1, < 2.0)
    ruby-progressbar (1.13.0)
    ruby-vips (2.2.2)
      ffi (~> 1.12)
      logger
    ruby_http_client (3.5.5)
    rubyzip (2.3.2)
    searchkick (5.4.0)
      activemodel (>= 6.1)
      hashie
    selenium-webdriver (4.25.0)
      base64 (~> 0.2)
      logger (~> 1.4)
      rexml (~> 3.2, >= 3.2.5)
      rubyzip (>= 1.2.2, < 3.0)
      websocket (~> 1.0)
    sendgrid-ruby (6.7.0)
      ruby_http_client (~> 3.4)
    sentry-rails (5.23.0)
      railties (>= 5.0)
      sentry-ruby (~> 5.23.0)
    sentry-ruby (5.23.0)
      bigdecimal
      concurrent-ruby (~> 1.0, >= 1.0.2)
    shellany (0.0.1)
    sidekiq (7.3.6)
      connection_pool (>= 2.3.0)
      logger
      rack (>= 2.2.4)
      redis-client (>= 0.22.2)
    sidekiq-cron (1.12.0)
      fugit (~> 1.8)
      globalid (>= 1.0.1)
      sidekiq (>= 6)
    sprockets (4.2.1)
      concurrent-ruby (~> 1.0)
      rack (>= 2.2.4, < 4)
    sprockets-rails (3.5.2)
      actionpack (>= 6.1)
      activesupport (>= 6.1)
      sprockets (>= 3.0.0)
    stimulus-rails (1.3.4)
      railties (>= 6.0.0)
    stringio (3.1.1)
    tailwindcss-rails (3.0.0)
      railties (>= 7.0.0)
      tailwindcss-ruby
    tailwindcss-ruby (3.4.14-arm64-darwin)
    tailwindcss-ruby (3.4.14-x86_64-darwin)
    tailwindcss-ruby (3.4.14-x86_64-linux)
    thor (1.3.2)
    timeout (0.4.1)
    trollop (2.9.10)
    turbo-rails (2.0.11)
      actionpack (>= 6.0.0)
      railties (>= 6.0.0)
    tzinfo (2.0.6)
      concurrent-ruby (~> 1.0)
    unicode-display_width (2.6.0)
    uri (0.13.1)
    warden (1.2.9)
      rack (>= 2.0.9)
    web-console (4.2.1)
      actionview (>= 6.0.0)
      activemodel (>= 6.0.0)
      bindex (>= 0.4.0)
      railties (>= 6.0.0)
    webrick (1.8.2)
    websocket (1.2.11)
    websocket-driver (0.7.6)
      websocket-extensions (>= 0.1.0)
    websocket-extensions (0.1.5)
    will_paginate (4.0.1)
    xpath (3.2.0)
      nokogiri (~> 1.8)
    zeitwerk (2.6.18)

PLATFORMS
  arm64-darwin
  x86_64-darwin
  x86_64-linux

DEPENDENCIES
  active_model_serializers (~> 0.10.2)
  activestorage (= 7.1.2)
  aws-sdk-s3 (~> 1.136)
  bootsnap
  byebug
  capybara
  cssbundling-rails
  debug
  devise (~> 4.9)
  dotenv-rails (~> 2.1, >= 2.1.1)
  elasticsearch
  error_highlight (>= 0.4.0)
  esbuild-rails
  factory_bot_rails
  faker
  ffi (~> 1.9, >= 1.9.10)
  guard-livereload (~> 2.5)
  image_processing (~> 1.2)
  jbuilder
  jsbundling-rails
  jwt
  mailtrap (~> 0.1.0)
  pg
  puma (>= 5.0)
  rack-cors
  rails (~> 7.1.2)
  recurrence (~> 1.3)
  redis (>= 4.0.1)
  rqrcode
  rspec-rails
  rubocop (~> 1.67)
  rubocop-performance
  rubocop-rails
  searchkick
  selenium-webdriver
  sendgrid-ruby
  sentry-rails
  sentry-ruby
  sidekiq (~> 7.1, >= 7.1.2)
  sidekiq-cron (~> 1.2)
  sprockets-rails
  stimulus-rails
  tailwindcss-rails
  turbo-rails
  tzinfo-data
  web-console
  will_paginate

RUBY VERSION
   ruby 3.1.2p20

BUNDLED WITH
   2.5.7
